GEM
  remote: https://rubygems.org/
  specs:
    minitest (5.10.3)
    unicode_utils (1.4.0)

PLATFORMS
  ruby

DEPENDENCIES
  minitest
  unicode_utils

RUBY VERSION
   ruby 2.5.0p-1

BUNDLED WITH
   1.16.0.pre.3
